GIT
  remote: git://github.com/intridea/omniauth.git
  revision: 2537edd550ce36e5f92f93134f46ae2340e0f01b
  specs:
    oa-basic (0.2.0.beta4)
      multi_json (~> 0.0.2)
      nokogiri (~> 1.4.2)
      oa-core (= 0.2.0.beta4)
      rest-client (~> 1.6.0)
    oa-core (0.2.0.beta4)
      rack (~> 1.1)
    oa-enterprise (0.2.0.beta4)
      net-ldap (~> 0.1.1)
      nokogiri (~> 1.4.2)
      oa-core (= 0.2.0.beta4)
      pyu-ruby-sasl (~> 0.0.3.1)
      rubyntlm (~> 0.1.1)
    oa-more (0.2.0.beta4)
      multi_json (~> 0.0.2)
      oa-core (= 0.2.0.beta4)
      rest-client (~> 1.6.0)
    oa-oauth (0.2.0.beta4)
      multi_json (~> 0.0.2)
      nokogiri (~> 1.4.2)
      oa-core (= 0.2.0.beta4)
      oauth (~> 0.4.0)
      oauth2 (~> 0.1.1)
    oa-openid (0.2.0.beta4)
      oa-core (= 0.2.0.beta4)
      rack-openid (~> 1.2.0)
      ruby-openid-apps-discovery
    omniauth (0.2.0.beta4)
      oa-basic (= 0.2.0.beta4)
      oa-core (= 0.2.0.beta4)
      oa-enterprise (= 0.2.0.beta4)
      oa-more (= 0.2.0.beta4)
      oa-oauth (= 0.2.0.beta4)
      oa-openid (= 0.2.0.beta4)

GEM
  remote: http://rubygems.org/
  specs:
    addressable (2.2.4)
    faraday (0.5.7)
      addressable (~> 2.2.4)
      multipart-post (~> 1.1.0)
      rack (>= 1.1.0, < 2)
    json (1.5.1)
    mime-types (1.16)
    multi_json (0.0.5)
    multipart-post (1.1.0)
    net-ldap (0.1.1)
    nokogiri (1.4.4)
    oauth (0.4.4)
    oauth2 (0.1.1)
      faraday (~> 0.5.0)
      multi_json (~> 0.0.4)
    pyu-ruby-sasl (0.0.3.2)
    rack (1.2.1)
    rack-openid (1.2.0)
      rack (>= 1.1.0)
      ruby-openid (>= 2.1.8)
    rest-client (1.6.1)
      mime-types (>= 1.16)
    ruby-openid (2.1.8)
    ruby-openid-apps-discovery (1.2.0)
      ruby-openid (>= 2.1.7)
    rubyntlm (0.1.1)
    sinatra (1.1.3)
      rack (~> 1.1)
      tilt (>= 1.2.2, < 2.0)
    tilt (1.2.2)

PLATFORMS
  ruby

DEPENDENCIES
  json
  omniauth!
  sinatra
